GEM
  remote: https://www.rubygems.org/
  specs:
    plist (3.4.0)

PLATFORMS
  ruby

DEPENDENCIES
  plist

BUNDLED WITH
   2.1.4
